GEM
  remote: https://rubygems.org/
  specs:
    RedCloth (4.3.2)
    adsf (1.4.3)
      rack (>= 1.0.0, < 3.0.0)
    cri (2.15.10)
    ffi (1.13.1)
    haml (5.2.0)
      temple (>= 0.8.0)
      tilt
    listen (3.2.1)
      rb-fsevent (~> 0.10, >= 0.10.3)
      rb-inotify (~> 0.9, >= 0.9.10)
    nanoc (3.8.0)
      cri (~> 2.3)
    rack (2.2.3)
    rake (13.0.1)
    rb-fsevent (0.10.4)
    rb-inotify (0.10.1)
      ffi (~> 1.0)
    systemu (2.6.5)
    temple (0.8.2)
    tilt (2.0.10)

PLATFORMS
  ruby

DEPENDENCIES
  RedCloth
  adsf
  haml
  listen
  nanoc (~> 3.8)
  rake
  rb-fsevent
  systemu

BUNDLED WITH
   1.17.3
